GEM
  remote: https://rubygems.org/
  specs:
    gosu (0.10.8)

PLATFORMS
  ruby

DEPENDENCIES
  bundler (~> 1.16.3)
  gosu (~> 0.10.8)

BUNDLED WITH
   1.16.3
